PATH
  remote: .
  specs:
    nonnative (0.8.0)
      cucumber
      rspec-expectations
      semantic_logger

GEM
  remote: https://rubygems.org/
  specs:
    ast (2.4.0)
    backport (1.1.2)
    backports (3.16.1)
    benchmark (0.1.0)
    benchmark-malloc (0.1.0)
    benchmark-perf (0.5.0)
    benchmark-trend (0.3.0)
    builder (3.2.4)
    concurrent-ruby (1.1.6)
    cucumber (3.1.2)
      builder (>= 2.1.2)
      cucumber-core (~> 3.2.0)
      cucumber-expressions (~> 6.0.1)
      cucumber-wire (~> 0.0.1)
      diff-lcs (~> 1.3)
      gherkin (~> 5.1.0)
      multi_json (>= 1.7.5, < 2.0)
      multi_test (>= 0.1.2)
    cucumber-core (3.2.1)
      backports (>= 3.8.0)
      cucumber-tag_expressions (~> 1.1.0)
      gherkin (~> 5.0)
    cucumber-expressions (6.0.1)
    cucumber-tag_expressions (1.1.1)
    cucumber-wire (0.0.1)
    diff-lcs (1.3)
    docile (1.3.2)
    e2mmap (0.1.0)
    gherkin (5.1.0)
    jaro_winkler (1.5.4)
    maruku (0.7.3)
    mini_portile2 (2.4.0)
    multi_json (1.14.1)
    multi_test (0.1.2)
    nokogiri (1.10.8)
      mini_portile2 (~> 2.4.0)
    parallel (1.19.1)
    parser (2.7.0.2)
      ast (~> 2.4.0)
    rainbow (3.0.0)
    rake (13.0.1)
    reverse_markdown (1.4.0)
      nokogiri
    rexml (3.2.4)
    rspec (3.9.0)
      rspec-core (~> 3.9.0)
      rspec-expectations (~> 3.9.0)
      rspec-mocks (~> 3.9.0)
    rspec-benchmark (0.5.1)
      benchmark-malloc (~> 0.1.0)
      benchmark-perf (~> 0.5.0)
      benchmark-trend (~> 0.3.0)
      rspec (>= 3.0.0, < 4.0.0)
    rspec-core (3.9.1)
      rspec-support (~> 3.9.1)
    rspec-expectations (3.9.0)
      diff-lcs (>= 1.2.0, < 2.0)
      rspec-support (~> 3.9.0)
    rspec-mocks (3.9.1)
      diff-lcs (>= 1.2.0, < 2.0)
      rspec-support (~> 3.9.0)
    rspec-support (3.9.2)
    rubocop (0.80.0)
      jaro_winkler (~> 1.5.1)
      parallel (~> 1.10)
      parser (>= 2.7.0.1)
      rainbow (>= 2.2.2, < 4.0)
      rexml
      ruby-progressbar (~> 1.7)
      unicode-display_width (>= 1.4.0, < 1.7)
    ruby-progressbar (1.10.1)
    semantic_logger (4.6.0)
      concurrent-ruby (~> 1.0)
    simplecov (0.18.2)
      docile (~> 1.1)
      simplecov-html (~> 0.11)
    simplecov-html (0.12.0)
    solargraph (0.38.5)
      backport (~> 1.1)
      benchmark
      bundler (>= 1.17.2)
      e2mmap
      jaro_winkler (~> 1.5)
      maruku (~> 0.7, >= 0.7.3)
      nokogiri (~> 1.9, >= 1.9.1)
      parser (~> 2.3)
      reverse_markdown (~> 1.0, >= 1.0.5)
      rubocop (~> 0.52)
      thor (~> 1.0)
      tilt (~> 2.0)
      yard (~> 0.9)
    thor (1.0.1)
    tilt (2.0.10)
    unicode-display_width (1.6.1)
    yard (0.9.24)

PLATFORMS
  ruby

DEPENDENCIES
  bundler
  nonnative!
  rake
  rspec-benchmark
  rubocop
  simplecov
  solargraph

BUNDLED WITH
   2.1.4
