PATH
  remote: .
  specs:
    nonnative (1.15.0)
      cucumber (~> 3.1, >= 3.1.2)
      grpc (~> 1.28)
      rest-client (~> 2.1)
      rspec-benchmark (~> 0.6.0)
      rspec-expectations (~> 3.9, >= 3.9.2)
      sinatra (~> 2.0, >= 2.0.8.1)

GEM
  remote: https://rubygems.org/
  specs:
    amatch (0.4.0)
      mize
      tins (~> 1.0)
    ast (2.4.1)
    backport (1.1.2)
    backports (3.18.1)
    benchmark (0.1.0)
    benchmark-malloc (0.2.0)
    benchmark-perf (0.6.0)
    benchmark-trend (0.4.0)
    builder (3.2.4)
    chutney (2.0.3.1)
      amatch (~> 0.4.0)
      gherkin (~> 5.1.0)
      i18n (~> 1.8.2)
      pastel (~> 0.7)
      tty-pie (~> 0.3)
    concurrent-ruby (1.1.6)
    cucumber (3.2.0)
      builder (>= 2.1.2)
      cucumber-core (~> 3.2.0)
      cucumber-expressions (~> 6.0.1)
      cucumber-wire (~> 0.0.1)
      diff-lcs (~> 1.3)
      gherkin (~> 5.1.0)
      multi_json (>= 1.7.5, < 2.0)
      multi_test (>= 0.1.2)
    cucumber-core (3.2.1)
      backports (>= 3.8.0)
      cucumber-tag_expressions (~> 1.1.0)
      gherkin (~> 5.0)
    cucumber-expressions (6.0.1)
    cucumber-tag_expressions (1.1.1)
    cucumber-wire (0.0.1)
    diff-lcs (1.4.2)
    docile (1.3.2)
    domain_name (0.5.20190701)
      unf (>= 0.0.5, < 1.0.0)
    e2mmap (0.1.0)
    equatable (0.6.1)
    gherkin (5.1.0)
    google-protobuf (3.12.2)
    googleapis-common-protos-types (1.0.5)
      google-protobuf (~> 3.11)
    grpc (1.28.0)
      google-protobuf (~> 3.11)
      googleapis-common-protos-types (~> 1.0)
    grpc-tools (1.28.0)
    http-accept (1.7.0)
    http-cookie (1.0.3)
      domain_name (~> 0.5)
    i18n (1.8.3)
      concurrent-ruby (~> 1.0)
    jaro_winkler (1.5.4)
    json (2.3.0)
    maruku (0.7.3)
    mime-types (3.3.1)
      mime-types-data (~> 3.2015)
    mime-types-data (3.2020.0512)
    mini_portile2 (2.4.0)
    mize (0.4.0)
      protocol (~> 2.0)
    multi_json (1.14.1)
    multi_test (0.1.2)
    mustermann (1.1.1)
      ruby2_keywords (~> 0.0.1)
    netrc (0.11.0)
    nokogiri (1.10.9)
      mini_portile2 (~> 2.4.0)
    parallel (1.19.2)
    parser (2.7.1.4)
      ast (~> 2.4.1)
    pastel (0.7.4)
      equatable (~> 0.6)
      tty-color (~> 0.5)
    protocol (2.0.0)
      ruby_parser (~> 3.0)
    rack (2.2.3)
    rack-protection (2.0.8.1)
      rack
    rainbow (3.0.0)
    rake (13.0.1)
    regexp_parser (1.7.1)
    rest-client (2.1.0)
      http-accept (>= 1.7.0, < 2.0)
      http-cookie (>= 1.0.2, < 2.0)
      mime-types (>= 1.16, < 4.0)
      netrc (~> 0.8)
    reverse_markdown (2.0.0)
      nokogiri
    rexml (3.2.4)
    rspec (3.9.0)
      rspec-core (~> 3.9.0)
      rspec-expectations (~> 3.9.0)
      rspec-mocks (~> 3.9.0)
    rspec-benchmark (0.6.0)
      benchmark-malloc (~> 0.2)
      benchmark-perf (~> 0.6)
      benchmark-trend (~> 0.4)
      rspec (>= 3.0)
    rspec-core (3.9.2)
      rspec-support (~> 3.9.3)
    rspec-expectations (3.9.2)
      diff-lcs (>= 1.2.0, < 2.0)
      rspec-support (~> 3.9.0)
    rspec-mocks (3.9.1)
      diff-lcs (>= 1.2.0, < 2.0)
      rspec-support (~> 3.9.0)
    rspec-support (3.9.3)
    rubocop (0.86.0)
      parallel (~> 1.10)
      parser (>= 2.7.0.1)
      rainbow (>= 2.2.2, < 4.0)
      regexp_parser (>= 1.7)
      rexml
      rubocop-ast (>= 0.0.3, < 1.0)
      ruby-progressbar (~> 1.7)
      unicode-display_width (>= 1.4.0, < 2.0)
    rubocop-ast (0.1.0)
      parser (>= 2.7.0.1)
    ruby-progressbar (1.10.1)
    ruby2_keywords (0.0.2)
    ruby_parser (3.14.2)
      sexp_processor (~> 4.9)
    sexp_processor (4.15.0)
    simplecov (0.17.1)
      docile (~> 1.1)
      json (>= 1.8, < 3)
      simplecov-html (~> 0.10.0)
    simplecov-html (0.10.2)
    sinatra (2.0.8.1)
      mustermann (~> 1.0)
      rack (~> 2.0)
      rack-protection (= 2.0.8.1)
      tilt (~> 2.0)
    solargraph (0.39.11)
      backport (~> 1.1)
      benchmark
      bundler (>= 1.17.2)
      e2mmap
      jaro_winkler (~> 1.5)
      maruku (~> 0.7, >= 0.7.3)
      nokogiri (~> 1.9, >= 1.9.1)
      parser (~> 2.3)
      reverse_markdown (>= 1.0.5, < 3)
      rubocop (~> 0.52)
      thor (~> 1.0)
      tilt (~> 2.0)
      yard (~> 0.9, >= 0.9.24)
    sync (0.5.0)
    thor (1.0.1)
    tilt (2.0.10)
    tins (1.25.0)
      sync
    tty-color (0.5.1)
    tty-cursor (0.7.1)
    tty-pie (0.3.0)
      pastel (~> 0.7.3)
      tty-cursor (~> 0.7)
    unf (0.1.4)
      unf_ext
    unf_ext (0.0.7.7)
    unicode-display_width (1.7.0)
    yard (0.9.25)

PLATFORMS
  ruby

DEPENDENCIES
  bundler (~> 2.1, >= 2.1.4)
  chutney (~> 2.0, >= 2.0.3.1)
  grpc-tools (~> 1.28)
  nonnative!
  rake (~> 13.0, >= 13.0.1)
  rubocop (~> 0.86.0)
  simplecov (~> 0.17.1)
  solargraph (~> 0.39.7)

BUNDLED WITH
   2.1.4
